GEM
  remote: http://rubygems.org/
  specs:
    activesupport (2.3.16)
    adsf (1.1.1)
      rack (>= 1.0.0)
    arrayfields (4.7.4)
    babosa (0.3.8)
    builder (3.1.4)
    chronic (0.9.0)
    chunky_png (1.2.7)
    closure-compiler (1.1.8)
    colored (1.2)
    compass (0.13.alpha.0)
      chunky_png (~> 1.2)
      fssm (>= 0.2.7)
      sass (~> 3.2.0.alpha.93)
    configatron (2.9.1)
      yamler (>= 0.1.0)
    cri (2.3.0)
      colored (>= 1.2)
    diff-lcs (1.1.3)
    fattr (2.2.1)
    fssm (0.2.10)
    haml (3.1.7)
    hash-deep-merge (0.1.1)
    kramdown (0.14.2)
    listen (0.7.2)
    log4r (1.1.10)
    main (5.1.1)
      arrayfields (>= 4.7.4)
      chronic (>= 0.6.2)
      fattr (>= 2.2.0)
      map (>= 5.1.0)
    map (6.2.0)
    mime-types (1.20.1)
    nanoc (3.5.0)
      cri (~> 2.2)
    nanoc-cachebuster (0.3.1)
      nanoc (>= 3.3.0)
    nokogiri (1.5.6-x86-mingw32)
    piston (2.0.10)
      activesupport (>= 2.0.0, < 3.0.0)
      log4r (>= 1.0.5)
      main (>= 2.8.3)
    rack (1.5.1)
    rainpress (1.0)
    rake (10.0.3)
    rspec (2.12.0)
      rspec-core (~> 2.12.0)
      rspec-expectations (~> 2.12.0)
      rspec-mocks (~> 2.12.0)
    rspec-core (2.12.2)
    rspec-expectations (2.12.1)
      diff-lcs (~> 1.1.3)
    rspec-mocks (2.12.2)
    sanitize (2.0.3)
      nokogiri (>= 1.4.4, < 1.6)
    sass (3.2.5)
    yamler (0.1.0)

PLATFORMS
  x86-mingw32

DEPENDENCIES
  adsf
  babosa
  builder
  closure-compiler
  compass (~> 0.13.alpha.0)
  configatron
  haml
  hash-deep-merge
  kramdown
  listen
  mime-types
  nanoc
  nanoc-cachebuster
  nokogiri
  piston
  rainpress
  rake
  rspec
  sanitize
  sass (~> 3.2.0.alpha.101)
